GEM
  remote: http://rubygems.org/
  specs:
    smspromote (0.0.6)

PLATFORMS
  ruby

DEPENDENCIES
  smspromote (>= 0.0.6)
