GEM
  remote: http://rubygems.org/
  specs:
    smspromote (0.0.7)

PLATFORMS
  ruby

DEPENDENCIES
  smspromote
